PATH
  remote: .
  specs:
    lyber-utils (0.1.0)
      bagit (>= 0.1.0)
      nokogiri (= 1.4.3.1)
      systemu (>= 1.2.0)
      validatable

GEM
  remote: http://rubygems.org/
  remote: http://sulair-rails-dev.stanford.edu/
  specs:
    bagit (0.2.0)
      validatable (~> 1.6)
    columnize (0.3.4)
    highline (1.6.2)
    i18n (0.6.0)
    linecache (0.46)
      rbx-require-relative (> 0.0.4)
    lyberteam-devel (0.4.0)
      highline
      pony
      rake (>= 0.8.7)
    mail (2.3.0)
      i18n (>= 0.4.0)
      mime-types (~> 1.16)
      treetop (~> 1.4.8)
    mime-types (1.16)
    nokogiri (1.4.3.1)
    polyglot (0.3.2)
    pony (1.3)
      mail (> 2.0)
    rake (0.9.2)
    rbx-require-relative (0.0.5)
    rcov (0.9.10)
    rdoc (3.9.1)
    rspec (1.3.2)
    ruby-debug (0.10.4)
      columnize (>= 0.1)
      ruby-debug-base (~> 0.10.4.0)
    ruby-debug-base (0.10.4)
      linecache (>= 0.3)
    systemu (2.2.0)
    treetop (1.4.10)
      polyglot
      polyglot (>= 0.3.1)
    validatable (1.6.7)
    yard (0.7.2)

PLATFORMS
  ruby

DEPENDENCIES
  lyber-utils!
  lyberteam-devel (>= 0.1.1)
  rake (>= 0.8.7)
  rcov
  rdoc
  rspec (< 2.0)
  ruby-debug
  yard
